GEM
  remote: https://rubygems.org/
  specs:
    faraday (0.11.0)
      multipart-post (>= 1.2, < 3)
    geolocater (0.1.0)
      faraday
      json
    json (2.0.3)
    multipart-post (2.0.0)
    rainbow (2.2.1)

PLATFORMS
  ruby

DEPENDENCIES
  geolocater
  rainbow

BUNDLED WITH
   1.14.3
